PATH
  remote: .
  specs:
    restalk (0.1.0)
      beaneater
      resque (= 1.21.0)

GEM
  remote: http://rubygems.org/
  specs:
    beaneater (0.3.0)
    multi_json (1.7.1)
    rack (1.5.2)
    rack-protection (1.5.0)
      rack
    redis (3.0.3)
    redis-namespace (1.2.1)
      redis (~> 3.0.0)
    resque (1.21.0)
      multi_json (~> 1.0)
      redis-namespace (~> 1.0)
      sinatra (>= 0.9.2)
      vegas (~> 0.1.2)
    sinatra (1.4.1)
      rack (~> 1.5, >= 1.5.2)
      rack-protection (~> 1.4)
      tilt (~> 1.3, >= 1.3.4)
    tilt (1.3.6)
    vegas (0.1.11)
      rack (>= 1.0.0)

PLATFORMS
  ruby

DEPENDENCIES
  restalk!
